GEM
  remote: https://code.stripe.com/
  remote: https://rubygems.org/
  specs:
    activesupport (3.0.0)
      activesupport (= 3.0.0)
    activesupport (3.0.0)
    mime-types (1.25.1)
    multi_json (1.8.2)
    rest-client (1.6.7)
      mime-types (>= 1.16)
    stripe (1.9.9)
      mime-types (~> 1.25)
      multi_json (>= 1.0.4, < 2)
      rest-client (~> 1.4)

PLATFORMS
  ruby

DEPENDENCIES
  activesupport
  stripe
